GEM
  remote: https://rubygems.org/
  specs:
    minitest (5.10.1)
    remedy (0.1.2)

PLATFORMS
  ruby

DEPENDENCIES
  minitest
  remedy

BUNDLED WITH
   1.14.6
