GEM
  remote: https://rubygems.org/
  specs:
    byebug (9.0.6)
    minitest (5.10.3)

PLATFORMS
  ruby

DEPENDENCIES
  byebug
  minitest

BUNDLED WITH
   1.14.6
