GEM
  remote: https://rubygems.org/
  specs:
    byebug (9.0.6)
    minitest (5.10.1)
    remedy (0.1.2)

PLATFORMS
  ruby

DEPENDENCIES
  byebug
  minitest
  remedy

BUNDLED WITH
   1.14.6
